PATH
  remote: .
  specs:
    notifier (0.1.4)

GEM
  remote: http://rubygems.org/
  specs:
    mocha (0.9.12)
    rake (0.9.2.2)
    test-unit (2.2.0)

PLATFORMS
  ruby

DEPENDENCIES
  mocha
  notifier!
  rake
  test-unit
