PATH
  remote: .
  specs:
    autotest-fsevent (0.2.5)
      sys-uname

GEM
  remote: http://rubygems.org/
  specs:
    ZenTest (4.5.0)
    diff-lcs (1.1.2)
    rake (0.8.7)
    rspec (2.5.0)
      rspec-core (~> 2.5.0)
      rspec-expectations (~> 2.5.0)
      rspec-mocks (~> 2.5.0)
    rspec-core (2.5.1)
    rspec-expectations (2.5.0)
      diff-lcs (~> 1.1.2)
    rspec-mocks (2.5.0)
    sys-uname (0.8.5)

PLATFORMS
  ruby

DEPENDENCIES
  ZenTest
  autotest-fsevent!
  rake
  rspec
